PATH
  remote: .
  specs:
    omnibus (0.4.6)
      fpm (~> 0.4)
      mixlib-shellout (~> 1.0)
      ohai (>= 0.6.12)
      rake (>= 0.9)
      uber-s3

GEM
  remote: http://rubygems.org/
  specs:
    arr-pm (0.0.8)
      cabin (> 0)
    backports (2.6.2)
    cabin (0.6.0)
    clamp (0.3.1)
    diff-lcs (1.2.3)
    fpm (0.4.33)
      arr-pm (~> 0.0.8)
      backports (= 2.6.2)
      cabin (>= 0.6.0)
      clamp (= 0.3.1)
      json (~> 1.7.7)
      open4
    ipaddress (0.8.0)
    json (1.7.7)
    mime-types (1.22)
    mixlib-cli (1.3.0)
    mixlib-config (1.1.2)
    mixlib-log (1.6.0)
    mixlib-shellout (1.1.0)
    ohai (6.16.0)
      ipaddress
      mixlib-cli
      mixlib-config
      mixlib-log
      mixlib-shellout
      systemu
      yajl-ruby
    open4 (1.3.0)
    rake (10.0.4)
    rspec (2.13.0)
      rspec-core (~> 2.13.0)
      rspec-expectations (~> 2.13.0)
      rspec-mocks (~> 2.13.0)
    rspec-core (2.13.1)
    rspec-expectations (2.13.0)
      diff-lcs (>= 1.1.3, < 2.0)
    rspec-mocks (2.13.1)
    systemu (2.5.2)
    uber-s3 (0.2.4)
      mime-types (~> 1.17)
    yajl-ruby (1.1.0)

PLATFORMS
  ruby

DEPENDENCIES
  omnibus!
  rspec
